GEM
  remote: https://rubygems.org/
  specs:
    kgio (2.11.3)
    raindrops (0.19.1)
    unicorn (5.6.0)
      kgio (~> 2.6)
      raindrops (~> 0.7)

PLATFORMS
  ruby

DEPENDENCIES
  unicorn

BUNDLED WITH
   2.1.4
